GEM
  remote: https://rubygems.org/
  specs:
    nio4r (2.5.9)
    puma (6.4.0)
      nio4r (~> 2.0)
    rack (3.0.8)
    roda (3.73.0)
      rack

PLATFORMS
  x86_64-linux

DEPENDENCIES
  puma
  roda

RUBY VERSION
   ruby 3.2.2p53

BUNDLED WITH
   2.4.19
