GEM
  remote: https://rubygems.org/
  specs:
    nio4r (2.5.8)
    puma (5.6.2)
      nio4r (~> 2.0)
    rack (2.2.3)
    roda (3.53.0)
      rack

PLATFORMS
  x86_64-linux

DEPENDENCIES
  puma
  roda

RUBY VERSION
   ruby 3.1.1p18

BUNDLED WITH
   2.3.3
